{
  "AcquisitionMatrixPE": 320,
  "AcquisitionNumber": 1,
  "AcquisitionTime": "13:26:23.360000",
  "BaseResolution": 320,
  "CoilString": "C:E1_2",
  "ConversionSoftware": "dcm2niix",
  "ConversionSoftwareVersion": "v1.0.20191031",
  "DeviceSerialNumber": "18932",
  "DwellTime": 1.12e-05,
  "EchoTime": 0.00283,
  "ImageComments": "DENOISED_IMAGE_(lambda_=_30)",
  "ImageOrientationPatientDICOM": [-0.012217, 0.999925, 0, 0, -1e-16, -1],
  "ImageType": [
    "ORIGINAL",
    "PRIMARY",
    "M",
    "ND",
    "UNI"
],
  "ImagingFrequency": 297.228,
  "InPlanePhaseEncodingDirectionDICOM": "ROW",
  "InstitutionAddress": "Richmond_Street_North_1151_London_409EF2_Ontario_CA_N6A_5B7",
  "InstitutionName": "Robarts_Reserch_Institute",
  "InstitutionalDepartmentName": "Department",
  "MRAcquisitionType": "3D",
  "MagneticFieldStrength": 6.98,
  "Manufacturer": "Siemens",
  "ManufacturersModelName": "Investigational_Device_7T",
  "Modality": "MR",
  "ParallelReductionFactorInPlane": 3,
  "PartialFourier": 0.75,
  "PatientPosition": "HFS",
  "PercentPhaseFOV": 100,
  "PhaseEncodingSteps": 240,
  "PhaseResolution": 1,
  "PixelBandwidth": 140,
  "ProcedureStepDescription": "Diedrichsen_SeqRep4",
  "ProtocolName": "mp2rage_sag_750iso_p3_944",
  "PulseSequenceDetails": "%CustomerSeq%_tfl_wip944_b17uhf",
  "ReceiveCoilName": "CFMM_8Tx32Rx",
  "ReconMatrixPE": 320,
  "RefLinesPE": 24,
  "RepetitionTime": 6,
  "ScanOptions": "IR_PFP",
  "ScanningSequence": "GR_IR",
  "SequenceName": "tfl3d1_ns",
  "SequenceVariant": "SP_MP",
  "SeriesDescription": "mp2rage_sag_750iso_p3_944_UNI-DEN",
  "SeriesNumber": 22,
  "ShimSetting": [-74, 2049, 366, 308, 96, -127, -259, -116],
  "SliceThickness": 0.75,
  "SoftwareVersions": "syngo_MR_B17",
  "StationName": "MASTER",
  "TxRefAmp": 115.177,
  "dcmmeta_affine": [
    [0.7499440312385559, -0.00916274730116129, 0.0, -76.1623306274414],
    [0.00916274730116129, 0.7499440312385559, -7.500000291903999e-17, -110.01995086669922],
    [0.0, 0.0, 0.75, -147.5792999267578],
    [0.0, 0.0, 0.0, 1.0]
],
  "dcmmeta_reorient_transform": [
    [0.0, 0.0, -1.0, 319.0],
    [0.0, -1.0, 0.0, 319.0],
    [-1.0, 0.0, 0.0, 207.0],
    [0.0, 0.0, 0.0, 1.0]
],
  "dcmmeta_shape": [208, 320, 320],
  "dcmmeta_slice_dim": 0,
  "dcmmeta_version": 0.6,
  "global": {
    "const": {
      "AcquisitionMatrix": [0, 320, 320, 0],
      "AcquisitionNumber": 1,
      "AngioFlag": "N",
      "BitsAllocated": 16,
      "BitsStored": 12,
      "Columns": 320,
      "EchoNumbers": 1,
      "EchoTime": 2.83,
      "EchoTrainLength": 1,
      "FlipAngle": 0.0,
      "HighBit": 11,
      "ImageOrientationPatient": [-0.0122169960443, 0.99992536971899, 0.0, 0.0, -1e-16, -1.0],
      "ImageType": [
        "ORIGINAL",
        "PRIMARY",
        "M",
        "ND",
        "UNI"
],
      "ImagedNucleus": "1H",
      "ImagingFrequency": 297.228112,
      "InPlanePhaseEncodingDirection": "ROW",
      "InversionTime": 0.0,
      "MRAcquisitionType": "3D",
      "MagneticFieldStrength": 6.98,
      "Manufacturer": "SIEMENS",
      "ManufacturerModelName": "Investigational_Device_7T",
      "Modality": "MR",
      "NumberOfAverages": 1.0,
      "NumberOfPhaseEncodingSteps": 240,
      "PercentPhaseFieldOfView": 100.0,
      "PercentSampling": 100.0,
      "PerformedProcedureStepStartTime": "124150.406000",
      "PhotometricInterpretation": "MONOCHROME2",
      "PixelBandwidth": 140.0,
      "PixelRepresentation": 0,
      "PixelSpacing": [0.75, 0.75],
      "ProtocolName": "mp2rage_sag_750iso_p3_944",
      "RepetitionTime": 6000.0,
      "Rows": 320,
      "SAR": 0.0,
      "SamplesPerPixel": 1,
      "ScanOptions": [
        "IR",
        "PFP"
],
      "ScanningSequence": [
        "GR",
        "IR"
],
      "SequenceName": "tfl3d1_ns",
      "SequenceVariant": [
        "SP",
        "MP"
],
      "SeriesDescription": "mp2rage_sag_750iso_p3_944_UNI-DEN",
      "SeriesNumber": 22,
      "SeriesTime": "133609.281000",
      "SliceThickness": 0.75,
      "SoftwareVersions": "syngo MR B17",
      "SpecificCharacterSet": "ISO_IR 100",
      "StudyID": "1",
      "StudyTime": "124150.343000",
      "TransmitCoilName": "CFMM_8Tx32Rx",
      "VariableFlipAngleFlag": "N",
      "WindowCenterWidthExplanation": "Algo1",
      "dBdt": 0.0},
