{
  "AcquisitionMatrixPE": 104,
  "AcquisitionNumber": 1,
  "AcquisitionTime": "09:30:59.717500",
  "BandwidthPerPixelPhaseEncode": 43.054,
  "BaseResolution": 104,
  "CoilString": "C:E1_2",
  "ConversionSoftware": "dcm2niix",
  "ConversionSoftwareVersion": "v1.0.20191031",
  "DerivedVendorReportedEchoSpacing": 0.000669999,
  "DeviceSerialNumber": "18932",
  "DwellTime": 2.8e-06,
  "EchoTime": 0.02,
  "EffectiveEchoSpacing": 0.000223333,
  "FlipAngle": 30,
  "ImageComments": "Single-band_reference",
  "ImageOrientationPatientDICOM": [1, 2e-16, 0, -2e-16, 0.991671, -0.128796],
  "ImageType": [
    "ORIGINAL",
    "PRIMARY",
    "M",
    "ND",
    "MOSAIC"
],
  "ImagingFrequency": 297.229,
  "InPlanePhaseEncodingDirectionDICOM": "COL",
  "InstitutionAddress": "Richmond_Street_North_1151_London_409EF2_Ontario_CA_N6A_5B7",
  "InstitutionName": "Robarts_Reserch_Institute",
  "InstitutionalDepartmentName": "Department",
  "MRAcquisitionType": "2D",
  "MagneticFieldStrength": 6.98,
  "Manufacturer": "Siemens",
  "ManufacturersModelName": "Investigational_Device_7T",
  "Modality": "MR",
  "ParallelReductionFactorInPlane": 3,
  "PartialFourier": 0.875,
  "PatientPosition": "HFS",
  "PercentPhaseFOV": 100,
  "PhaseEncodingDirection": "j-",
  "PhaseEncodingSteps": 91,
  "PhaseResolution": 1,
  "PixelBandwidth": 1717,
  "ProcedureStepDescription": "Diedrichsen_SeqRep4",
  "ProtocolName": "mbep2d_bold_mb2_p3_AP_2iso",
  "PulseSequenceDetails": "%CustomerSeq%_cmrr_mbep2d_bold",
  "ReceiveCoilName": "CFMM_8Tx32Rx",
  "ReconMatrixPE": 104,
  "RefLinesPE": 36,
  "RepetitionTime": 1,
  "ScanOptions": "PFP_FS",
  "ScanningSequence": "EP",
  "SequenceName": "epfid2d1_104",
  "SequenceVariant": "SK_SS",
  "SeriesDescription": "mbep2d_bold_mb2_p3_AP_2iso_SBRef",
  "SeriesNumber": 12,
  "ShimSetting": [-14, 2022, 42, 1483, 7, -60, 221, -154],
  "SliceThickness": 2,
  "SliceTiming": [0, 0.0475, 0.0925, 0.1375, 0.1825, 0.23, 0.275, 0.32, 0.365, 0.4125, 0.4575, 0.5025, 0.5475, 0.595, 0.64, 0.685, 0.73, 0.775, 0.8225, 0.8675, 0.9125, 0.9575, 1.005, 1.05, 1.095, 1.14, 1.1875, 1.2325, 1.2775, 1.3225, 1.37, 1.415, 1.46, 1.505, 1.5525, 1.5975, 1.6425, 1.6875, 1.735, 1.78, 1.825, 1.87, 1.9175, 1.9625],
  "SoftwareVersions": "syngo_MR_B17",
  "SpacingBetweenSlices": 2,
  "StationName": "MASTER",
  "TaskName": "dsp",
  "TotalReadoutTime": 0.0230033,
  "TxRefAmp": 120,
  "dcmmeta_affine": [
    [-2.0, -4.000000067449534e-16, 5.1518237917901055e-17, 105.4527816772461],
    [-4.000000067449534e-16, 1.9833422899246216, -0.257591187953949, -113.77422332763672],
    [0.0, 0.257591187953949, 1.9833422899246216, -50.01731491088867],
    [0.0, 0.0, 0.0, 1.0]
],
  "dcmmeta_reorient_transform": [
    [0.0, -1.0, 0.0, 103.0],
    [1.0, 0.0, 0.0, 0.0],
    [0.0, 0.0, 1.0, 0.0],
    [0.0, 0.0, 0.0, 1.0]
],
  "dcmmeta_shape": [104, 104, 44],
  "dcmmeta_slice_dim": 2,
  "dcmmeta_version": 0.6,
  "global": {
    "const": {
      "AcquisitionMatrix": [104, 0, 0, 104],
      "AcquisitionNumber": 1,
      "AcquisitionTime": "093059.717500",
      "AngioFlag": "N",
      "BitsAllocated": 16,
      "BitsStored": 12,
      "Columns": 728,
      "ContentTime": "093140.562000",
      "EchoNumbers": 1,
      "EchoTime": 20.0,
      "EchoTrainLength": 1,
      "FlipAngle": 30.0,
      "HighBit": 11,
      "ImageOrientationPatient": [1.0, 2e-16, 0.0, -2e-16, 0.99167116265211, -0.1287955945062],
      "ImagePositionPatient": [-729.45278453827, -709.31284237265, 56.883027700431],
      "ImageType": [
        "ORIGINAL",
        "PRIMARY",
        "M",
        "ND",
        "MOSAIC"
],
      "ImagedNucleus": "1H",
      "ImagingFrequency": 297.22886,
      "InPlanePhaseEncodingDirection": "COL",
      "InstanceCreationTime": "093140.562000",
      "InstanceNumber": 1,
      "LargestImagePixelValue": 3374,
      "MRAcquisitionType": "2D",
      "MagneticFieldStrength": 6.98,
      "Manufacturer": "SIEMENS",
      "ManufacturerModelName": "Investigational_Device_7T",
      "Modality": "MR",
      "NumberOfAverages": 1.0,
      "NumberOfPhaseEncodingSteps": 91,
      "PercentPhaseFieldOfView": 100.0,
      "PercentSampling": 100.0,
      "PerformedProcedureStepStartTime": "090559.843000",
      "PhotometricInterpretation": "MONOCHROME2",
      "PixelBandwidth": 1717.0,
      "PixelRepresentation": 0,
      "PixelSpacing": [2.0, 2.0],
      "ProtocolName": "mbep2d_bold_mb2_p3_AP 2iso",
      "RepetitionTime": 1000.0,
      "Rows": 728,
      "SAR": 0.0,
      "SamplesPerPixel": 1,
      "ScanOptions": [
        "PFP",
        "FS"
],
      "ScanningSequence": "EP",
      "SequenceName": "epfid2d1_104",
      "SequenceVariant": [
        "SK",
        "SS"
],
      "SeriesDescription": "mbep2d_bold_mb2_p3_AP 2iso_SBRef",
      "SeriesNumber": 12,
      "SeriesTime": "093140.546000",
      "SliceLocation": -34.947111009424,
      "SliceThickness": 2.0,
      "SmallestImagePixelValue": 0,
      "SoftwareVersions": "syngo MR B17",
      "SpacingBetweenSlices": 1.9999999584949,
      "SpecificCharacterSet": "ISO_IR 100",
      "StudyID": "1",
      "StudyTime": "090559.796000",
      "TransmitCoilName": "CFMM_8Tx32Rx",
      "VariableFlipAngleFlag": "N",
      "WindowCenter": 504.0,
      "WindowCenterWidthExplanation": "Algo1",
      "WindowWidth": 1127.0,
      "dBdt": 0.0},
    "slices": {}
  }
}