{
    "AcquisitionMatrixPE": 84,
    "AcquisitionNumber": 1,
    "AcquisitionTime": "10:19:59.482500",
    "BaseResolution": 168,
    "CoilString": "C:E1_2",
    "ConversionSoftware": "dcm2niix",
    "ConversionSoftwareVersion": "v1.0.20191031",
    "DeviceSerialNumber": "18932",
    "DwellTime": 4.9e-06,
    "EchoNumber": 2,
    "EchoTime": 0.0051,
    "EchoTime1": 0.00408,
    "EchoTime2": 0.0051,
    "FlipAngle": 35,
    "ImageOrientationPatientDICOM": [
        1,
        -2.05103e-10,
        0,
        2.05103e-10,
        1,
        0
    ],
    "ImageType": [
        "ORIGINAL",
        "PRIMARY",
        "P",
        "ND",
        "PHASE"
    ],
    "ImagingFrequency": 297.229,
    "InPlanePhaseEncodingDirectionDICOM": "ROW",
    "InstitutionAddress": "Richmond_Street_North_1151_London_409EF2_Ontario_CA_N6A_5B7",
    "InstitutionName": "Robarts_Reserch_Institute",
    "InstitutionalDepartmentName": "Department",
    "MRAcquisitionType": "2D",
    "MagneticFieldStrength": 6.98,
    "Manufacturer": "Siemens",
    "ManufacturersModelName": "Investigational_Device_7T",
    "Modality": "MR",
    "PartialFourier": 0.75,
    "PatientPosition": "HFS",
    "PercentPhaseFOV": 100,
    "PhaseEncodingDirection": "i",
    "PhaseEncodingSteps": 63,
    "PhaseResolution": 0.5,
    "PixelBandwidth": 607,
    "ProcedureStepDescription": "Diedrichsen_SeqRep4",
    "ProtocolName": "gre_field_mapping",
    "PulseSequenceDetails": "%SiemensSeq%_gre_field_mapping",
    "ReceiveCoilName": "CFMM_8Tx32Rx",
    "ReconMatrixPE": 168,
    "RepetitionTime": 0.475,
    "ScanOptions": "PFP",
    "ScanningSequence": "GR",
    "SequenceName": "fm2d2r",
    "SequenceVariant": "SP",
    "SeriesDescription": "gre_field_mapping",
    "SeriesNumber": 36,
    "ShimSetting": [
        5,
        2115,
        64,
        1356,
        38,
        -3,
        144,
        -167
    ],
    "SliceThickness": 2.5,
    "SliceTiming": [
        0.24219,
        0,
        0.25,
        0.00781,
        0.25781,
        0.01562,
        0.26562,
        0.02344,
        0.26562,
        0.03125,
        0.27344,
        0.03906,
        0.28125,
        0.04688,
        0.28906,
        0.05469,
        0.29688,
        0.0625,
        0.30469,
        0.07031,
        0.3125,
        0.07812,
        0.32031,
        0.08594,
        0.32812,
        0.09375,
        0.33594,
        0.10156,
        0.34375,
        0.10156,
        0.35156,
        0.10938,
        0.35938,
        0.11719,
        0.36719,
        0.125,
        0.375,
        0.13281,
        0.38281,
        0.14062,
        0.39062,
        0.14844,
        0.39844,
        0.15625,
        0.40625,
        0.16406,
        0.41406,
        0.17188,
        0.41406,
        0.17969,
        0.42188,
        0.1875,
        0.42969,
        0.19531,
        0.4375,
        0.20312,
        0.44531,
        0.21094,
        0.45312,
        0.21875,
        0.46094,
        0.22656,
        0.46875,
        0.23438
    ],
    "SoftwareVersions": "syngo_MR_B17",
    "SpacingBetweenSlices": 2.5,
    "StationName": "MASTER",
    "TxRefAmp": 124,
    "dcmmeta_affine": [
        [
            -1.25,
            2.5637925116228644e-10,
            0.0,
            105.54801177978516
        ],
        [
            2.5637925116228644e-10,
            1.25,
            0.0,
            -113.31497955322266
        ],
        [
            0.0,
            0.0,
            2.5,
            -80.19843292236328
        ],
        [
            0.0,
            0.0,
            0.0,
            1.0
        ]
    ],
    "dcmmeta_reorient_transform": [
        [
            0.0,
            -1.0,
            0.0,
            167.0
        ],
        [
            1.0,
            0.0,
            0.0,
            0.0
        ],
        [
            0.0,
            0.0,
            -1.0,
            63.0
        ],
        [
            0.0,
            0.0,
            0.0,
            1.0
        ]
    ],
    "dcmmeta_shape": [
        168,
        168,
        64
    ],
    "dcmmeta_slice_dim": 2,
    "dcmmeta_version": 0.6,
    "global": {
        "const": {
            "AcquisitionMatrix": [
                0,
                168,
                84,
                0
            ],
            "AcquisitionNumber": 1,
            "AngioFlag": "N",
            "BitsAllocated": 16,
            "BitsStored": 12,
            "Columns": 168,
            "EchoNumbers": 2,
            "EchoTime": 5.1,
            "EchoTrainLength": 1,
            "FlipAngle": 35.0,
            "HighBit": 11,
            "ImageOrientationPatient": [
                1.0,
                -2.051034e-10,
                0.0,
                2.051034e-10,
                1.0,
                0.0
            ],
            "ImageType": [
                "ORIGINAL",
                "PRIMARY",
                "P",
                "ND"
            ],
            "ImagedNucleus": "1H",
            "ImagingFrequency": 297.228788,
            "InPlanePhaseEncodingDirection": "ROW",
            "MRAcquisitionType": "2D",
            "MagneticFieldStrength": 6.98,
            "Manufacturer": "SIEMENS",
            "ManufacturerModelName": "Investigational_Device_7T",
            "Modality": "MR",
            "NumberOfAverages": 1.0,
            "NumberOfPhaseEncodingSteps": 63,
            "PercentPhaseFieldOfView": 100.0,
            "PercentSampling": 50.0,
            "PerformedProcedureStepStartTime": "084204.984000",
            "PhotometricInterpretation": "MONOCHROME2",
            "PixelBandwidth": 607.0,
            "PixelRepresentation": 0,
            "PixelSpacing": [
                1.25,
                1.25
            ],
            "ProtocolName": "gre_field_mapping",
            "RepetitionTime": 475.0,
            "RescaleIntercept": -4096.0,
            "RescaleSlope": 2.0,
            "RescaleType": "US",
            "Rows": 168,
            "SAR": 0.0,
            "SamplesPerPixel": 1,
            "ScanOptions": "PFP",
            "ScanningSequence": "GR",
            "SequenceName": "fm2d2r",
            "SequenceVariant": "SP",
            "SeriesDescription": "gre_field_mapping",
            "SeriesNumber": 36,
            "SeriesTime": "102104.500000",
            "SliceThickness": 2.5,
            "SoftwareVersions": "syngo MR B17",
            "SpacingBetweenSlices": 2.5,
            "SpecificCharacterSet": "ISO_IR 100",
            "StudyID": "1",
            "StudyTime": "084204.531000",
            "TransmitCoilName": "CFMM_8Tx32Rx",
            "VariableFlipAngleFlag": "N",
            "WindowCenterWidthExplanation": "Algo1",
            "dBdt": 0.0
        },
