{
  "AcquisitionMatrixPE": 104,
  "AcquisitionNumber": 1,
  "AcquisitionTime": "12:41:52.885000",
  "BandwidthPerPixelPhaseEncode": 43.054,
  "BaseResolution": 104,
  "CoilString": "C:E1_2",
  "ConversionSoftware": "dcm2niix",
  "ConversionSoftwareVersion": "v1.0.20191031",
  "DerivedVendorReportedEchoSpacing": 0.000669999,
  "DeviceSerialNumber": "18932",
  "DwellTime": 2.8e-06,
  "EchoTime": 0.02,
  "EffectiveEchoSpacing": 0.000223333,
  "FlipAngle": 30,
  "ImageComments": "Single-band_reference",
  "ImageOrientationPatientDICOM": [1, 0, 0, 0, 0.992966, -0.118404],
  "ImageType": [
    "ORIGINAL",
    "PRIMARY",
    "M",
    "ND",
    "MOSAIC"
],
  "ImagingFrequency": 297.229,
  "InPlanePhaseEncodingDirectionDICOM": "COL",
  "InstitutionAddress": "Richmond_Street_North_1151_London_409EF2_Ontario_CA_N6A_5B7",
  "InstitutionName": "Robarts_Reserch_Institute",
  "InstitutionalDepartmentName": "Department",
  "MRAcquisitionType": "2D",
  "MagneticFieldStrength": 6.98,
  "Manufacturer": "Siemens",
  "ManufacturersModelName": "Investigational_Device_7T",
  "Modality": "MR",
  "ParallelReductionFactorInPlane": 3,
  "PartialFourier": 0.875,
  "PatientPosition": "HFS",
  "PercentPhaseFOV": 100,
  "PhaseEncodingDirection": "j-",
  "PhaseEncodingSteps": 91,
  "PhaseResolution": 1,
  "PixelBandwidth": 1717,
  "ProcedureStepDescription": "Diedrichsen_SeqRep4",
  "ProtocolName": "mbep2d_bold_mb2_p3_AP_2iso",
  "PulseSequenceDetails": "%CustomerSeq%_cmrr_mbep2d_bold",
  "ReceiveCoilName": "CFMM_8Tx32Rx",
  "ReconMatrixPE": 104,
  "RefLinesPE": 36,
  "RepetitionTime": 1,
  "ScanOptions": "PFP_FS",
  "ScanningSequence": "EP",
  "SequenceName": "epfid2d1_104",
  "SequenceVariant": "SK_SS",
  "SeriesDescription": "mbep2d_bold_mb2_p3_AP_2iso_SBRef",
  "SeriesNumber": 18,
  "ShimSetting": [5, 2050, 86, 1698, -41, 218, -27, -187],
  "SliceThickness": 2,
  "SliceTiming": [0, 0.045, 0.0925, 0.1375, 0.1825, 0.2275, 0.275, 0.32, 0.365, 0.41, 0.4575, 0.5025, 0.5475, 0.5925, 0.64, 0.685, 0.73, 0.775, 0.8225, 0.8675, 0.9125, 0.9575, 1.0025, 1.05, 1.095, 1.14, 1.185, 1.2325, 1.2775, 1.3225, 1.3675, 1.415, 1.46, 1.505, 1.55, 1.5975, 1.6425, 1.6875, 1.7325, 1.78, 1.825, 1.87, 1.915, 1.9625],
  "SoftwareVersions": "syngo_MR_B17",
  "SpacingBetweenSlices": 2,
  "StationName": "MASTER",
  "TaskName": "dsp",
  "TotalReadoutTime": 0.0230033,
  "TxRefAmp": 120,
  "dcmmeta_affine": [
    [-2.0, 0.0, 0.0, 106.1791763305664],
    [0.0, 1.9859310388565063, -0.2368079274892807, -112.17391204833984],
    [0.0, 0.2368079274892807, 1.9859310388565063, -31.579612731933594],
    [0.0, 0.0, 0.0, 1.0]
],
  "dcmmeta_reorient_transform": [
    [0.0, -1.0, 0.0, 103.0],
    [1.0, 0.0, 0.0, 0.0],
    [0.0, 0.0, 1.0, 0.0],
    [0.0, 0.0, 0.0, 1.0]
],
  "dcmmeta_shape": [104, 104, 44],
  "dcmmeta_slice_dim": 2,
  "dcmmeta_version": 0.6,
  "global": {
    "const": {
      "AcquisitionMatrix": [104, 0, 0, 104],
      "AcquisitionNumber": 1,
      "AcquisitionTime": "124152.885000",
      "AngioFlag": "N",
      "BitsAllocated": 16,
      "BitsStored": 12,
      "Columns": 728,
      "ContentTime": "124236.437000",
      "EchoNumbers": 1,
      "EchoTime": 20.0,
      "EchoTrainLength": 1,
      "FlipAngle": 30.0,
      "HighBit": 11,
      "ImageOrientationPatient": [1.0, 0.0, 0.0, 0.0, 0.99296550822323, -0.1184039673279],
      "ImagePositionPatient": [-730.1791768074, -711.98746294641, 66.695679233359],
      "ImageType": [
        "ORIGINAL",
        "PRIMARY",
        "M",
        "ND",
        "MOSAIC"
],
      "ImagedNucleus": "1H",
      "ImagingFrequency": 297.228992,
      "InPlanePhaseEncodingDirection": "COL",
      "InstanceCreationTime": "124236.437000",
      "InstanceNumber": 1,
      "LargestImagePixelValue": 2345,
      "MRAcquisitionType": "2D",
      "MagneticFieldStrength": 6.98,
      "Manufacturer": "SIEMENS",
      "ManufacturerModelName": "Investigational_Device_7T",
      "Modality": "MR",
      "NumberOfAverages": 1.0,
      "NumberOfPhaseEncodingSteps": 91,
      "PercentPhaseFieldOfView": 100.0,
      "PercentSampling": 100.0,
      "PerformedProcedureStepStartTime": "120509.234000",
      "PhotometricInterpretation": "MONOCHROME2",
      "PixelBandwidth": 1717.0,
      "PixelRepresentation": 0,
      "PixelSpacing": [2.0, 2.0],
      "ProtocolName": "mbep2d_bold_mb2_p3_AP 2iso",
      "RepetitionTime": 1000.0,
      "Rows": 728,
      "SAR": 0.0,
      "SamplesPerPixel": 1,
      "ScanOptions": [
        "PFP",
        "FS"
],
      "ScanningSequence": "EP",
      "SequenceName": "epfid2d1_104",
      "SequenceVariant": [
        "SK",
        "SS"
],
      "SeriesDescription": "mbep2d_bold_mb2_p3_AP 2iso_SBRef",
      "SeriesNumber": 18,
      "SeriesTime": "124236.421000",
      "SliceLocation": -18.075631274307,
      "SliceThickness": 2.0,
      "SmallestImagePixelValue": 0,
      "SoftwareVersions": "syngo MR B17",
      "SpacingBetweenSlices": 1.9999999835174,
      "SpecificCharacterSet": "ISO_IR 100",
      "StudyID": "1",
      "StudyTime": "120509.171000",
      "TransmitCoilName": "CFMM_8Tx32Rx",
      "VariableFlipAngleFlag": "N",
      "WindowCenter": 448.0,
      "WindowCenterWidthExplanation": "Algo1",
      "WindowWidth": 968.0,
      "dBdt": 0.0},
    "slices": {}
  }
}