{
  "AcquisitionMatrixPE": 104,
  "AcquisitionNumber": 1,
  "AcquisitionTime": "12:19:52.727500",
  "BandwidthPerPixelPhaseEncode": 43.054,
  "BaseResolution": 104,
  "CoilString": "C:E1_2",
  "ConversionSoftware": "dcm2niix",
  "ConversionSoftwareVersion": "v1.0.20191031",
  "DerivedVendorReportedEchoSpacing": 0.000669999,
  "DeviceSerialNumber": "18932",
  "DwellTime": 2.8e-06,
  "EchoTime": 0.02,
  "EffectiveEchoSpacing": 0.000223333,
  "FlipAngle": 30,
  "ImageComments": "Unaliased_MB2_PE2",
  "ImageOrientationPatientDICOM": [1, 0, 0, 0, 0.992966, -0.118404],
  "ImageType": [
    "ORIGINAL",
    "PRIMARY",
    "M",
    "MB",
    "ND",
    "MOSAIC"
],
  "ImagingFrequency": 297.229,
  "InPlanePhaseEncodingDirectionDICOM": "COL",
  "InstitutionAddress": "Richmond_Street_North_1151_London_409EF2_Ontario_CA_N6A_5B7",
  "InstitutionName": "Robarts_Reserch_Institute",
  "InstitutionalDepartmentName": "Department",
  "MRAcquisitionType": "2D",
  "MagneticFieldStrength": 6.98,
  "Manufacturer": "Siemens",
  "ManufacturersModelName": "Investigational_Device_7T",
  "Modality": "MR",
  "MultibandAccelerationFactor": 2,
  "ParallelReductionFactorInPlane": 3,
  "PartialFourier": 0.875,
  "PatientPosition": "HFS",
  "PercentPhaseFOV": 100,
  "PhaseEncodingDirection": "j-",
  "PhaseEncodingSteps": 91,
  "PhaseResolution": 1,
  "PixelBandwidth": 1717,
  "ProcedureStepDescription": "Diedrichsen_SeqRep4",
  "ProtocolName": "mbep2d_bold_mb2_p3_AP_2iso",
  "PulseSequenceDetails": "%CustomerSeq%_cmrr_mbep2d_bold",
  "ReceiveCoilName": "CFMM_8Tx32Rx",
  "ReconMatrixPE": 104,
  "RefLinesPE": 36,
  "RepetitionTime": 1,
  "ScanOptions": "PFP_FS",
  "ScanningSequence": "EP",
  "SequenceName": "epfid2d1_104",
  "SequenceVariant": "SK_SS",
  "SeriesDescription": "mbep2d_bold_mb2_p3_AP_2iso",
  "SeriesNumber": 11,
  "ShimSetting": [5, 2050, 86, 1698, -41, 218, -27, -187],
  "SliceThickness": 2,
  "SliceTiming": [0, 0.2275, 0.455, 0.6825, 0.9125, 0.135, 0.365, 0.5925, 0.82, 0.045, 0.2725, 0.5, 0.73, 0.9575, 0.1825, 0.41, 0.6375, 0.865, 0.09, 0.3175, 0.5475, 0.775, 0, 0.2275, 0.455, 0.6825, 0.9125, 0.135, 0.365, 0.5925, 0.82, 0.045, 0.2725, 0.5, 0.73, 0.9575, 0.1825, 0.41, 0.6375, 0.865, 0.09, 0.3175, 0.5475, 0.775],
  "SoftwareVersions": "syngo_MR_B17",
  "SpacingBetweenSlices": 2,
  "StationName": "MASTER",
  "TaskName": "dsp",
  "TotalReadoutTime": 0.0230033,
  "TxRefAmp": 120,
  "dcmmeta_affine": [
    [-2.0, 0.0, 0.0, 106.1791763305664],
    [0.0, 1.9859310388565063, -0.2368079274892807, -112.17391204833984],
    [0.0, 0.2368079274892807, 1.9859310388565063, -31.579612731933594],
    [0.0, 0.0, 0.0, 1.0]
],
  "dcmmeta_reorient_transform": [
    [0.0, -1.0, 0.0, 103.0],
    [1.0, 0.0, 0.0, 0.0],
    [0.0, 0.0, 1.0, 0.0],
    [0.0, 0.0, 0.0, 1.0]
],
  "dcmmeta_shape": [104, 104, 44, 66],
  "dcmmeta_slice_dim": 2,
  "dcmmeta_version": 0.6,
  "global": {
    "const": {
      "AcquisitionMatrix": [104, 0, 0, 104],
      "AngioFlag": "N",
      "BitsAllocated": 16,
      "BitsStored": 12,
      "Columns": 728,
      "EchoNumbers": 1,
      "EchoTime": 20.0,
      "EchoTrainLength": 1,
      "FlipAngle": 30.0,
      "HighBit": 11,
      "ImageOrientationPatient": [1.0, 0.0, 0.0, 0.0, 0.99296550822323, -0.1184039673279],
      "ImagePositionPatient": [-730.1791768074, -711.98746294641, 66.695679233359],
      "ImageType": [
        "ORIGINAL",
        "PRIMARY",
        "M",
        "MB",
        "ND",
        "MOSAIC"
],
      "ImagedNucleus": "1H",
      "ImagingFrequency": 297.228962,
      "InPlanePhaseEncodingDirection": "COL",
      "MRAcquisitionType": "2D",
      "MagneticFieldStrength": 6.98,
      "Manufacturer": "SIEMENS",
      "ManufacturerModelName": "Investigational_Device_7T",
      "Modality": "MR",
      "NumberOfAverages": 1.0,
      "NumberOfPhaseEncodingSteps": 91,
      "PercentPhaseFieldOfView": 100.0,
      "PercentSampling": 100.0,
      "PerformedProcedureStepStartTime": "120509.234000",
      "PhotometricInterpretation": "MONOCHROME2",
      "PixelBandwidth": 1717.0,
      "PixelRepresentation": 0,
      "PixelSpacing": [2.0, 2.0],
      "ProtocolName": "mbep2d_bold_mb2_p3_AP 2iso",
      "RepetitionTime": 1000.0,
      "Rows": 728,
      "SAR": 0.0,
      "SamplesPerPixel": 1,
      "ScanOptions": [
        "PFP",
        "FS"
],
      "ScanningSequence": "EP",
      "SequenceName": "epfid2d1_104",
      "SequenceVariant": [
        "SK",
        "SS"
],
      "SeriesDescription": "mbep2d_bold_mb2_p3_AP 2iso",
      "SeriesNumber": 11,
      "SeriesTime": "122030.171000",
      "SliceLocation": -18.075631274307,
      "SliceThickness": 2.0,
      "SmallestImagePixelValue": 0,
      "SoftwareVersions": "syngo MR B17",
      "SpacingBetweenSlices": 1.9999999835174,
      "SpecificCharacterSet": "ISO_IR 100",
      "StudyID": "1",
      "StudyTime": "120509.171000",
      "TransmitCoilName": "CFMM_8Tx32Rx",
      "VariableFlipAngleFlag": "N",
      "WindowCenterWidthExplanation": "Algo1",
      "dBdt": 0.0},
    "slices": {}
  },
  "time": {
    "samples": {
      "AcquisitionNumber": [1, 2, 3, 4, 5, 6, 7, 8, 9, 10, 11, 12, 13, 14, 15, 16, 17, 18, 19, 20, 21, 22, 23, 24, 25, 26, 27, 28, 29, 30, 31, 32, 33, 34, 35, 36, 37, 38, 39, 40, 41, 42, 43, 44, 45, 46, 47, 48, 49, 50, 51, 52, 53, 54, 55, 56, 57, 58, 59, 60, 61, 62, 63, 64, 65, 66],
      "AcquisitionTime": ["121952.727500", "121953.730000", "121954.735000", "121955.737500", "121956.742500", "121957.747500", "121958.750000", "121959.755000", "122000.760000", "122001.762500", "122002.767500", "122003.770000", "122004.775000", "122005.780000", "122006.782500", "122007.787500", "122008.790000", "122009.795000", "122010.800000", "122011.802500", "122012.807500", "122013.810000", "122014.815000", "122015.820000", "122016.822500", "122017.827500", "122018.830000", "122019.835000", "122020.840000", "122021.842500", "122022.847500", "122023.850000", "122024.855000", "122025.860000", "122026.862500", "122027.867500", "122028.870000", "122029.875000", "122030.880000", "122031.882500", "122032.887500", "122033.892500", "122034.895000", "122035.900000", "122036.902500", "122037.907500", "122038.912500", "122039.915000", "122040.920000", "122041.922500", "122042.927500", "122043.932500", "122044.935000", "122045.940000", "122046.942500", "122047.947500", "122048.952500", "122049.955000", "122050.960000", "122051.962500", "122052.967500", "122053.972500", "122054.975000", "122055.980000", "122056.982500", "122057.987500"],
      "ContentTime": ["122030.171000", "122030.187000", "122030.187000", "122030.187000", "122030.187000", "122030.187000", "122030.187000", "122030.203000", "122030.203000", "122030.203000", "122030.203000", "122030.203000", "122030.203000", "122030.203000", "122030.218000", "122030.218000", "122030.218000", "122030.218000", "122030.218000", "122030.218000", "122030.218000", "122030.234000", "122030.234000", "122030.234000", "122030.234000", "122030.234000", "122030.234000", "122030.250000", "122030.250000", "122030.250000", "122030.250000", "122030.250000", "122030.250000", "122030.250000", "122030.265000", "122030.265000", "122050.140000", "122050.140000", "122050.140000", "122050.156000", "122050.156000", "122050.156000", "122050.156000", "122050.156000", "122050.171000", "122050.171000", "122050.171000", "122050.171000", "122050.171000", "122050.171000", "122050.171000", "122050.187000", "122050.187000", "122050.187000", "122050.187000", "122050.187000", "122100.656000", "122100.656000", "122100.656000", "122100.656000", "122100.656000", "122100.671000", "122100.671000", "122100.671000", "122100.671000", "122100.671000"],
      "InstanceCreationTime": ["122030.171000", "122030.187000", "122030.187000", "122030.187000", "122030.187000", "122030.187000", "122030.187000", "122030.203000", "122030.203000", "122030.203000", "122030.203000", "122030.203000", "122030.203000", "122030.203000", "122030.218000", "122030.218000", "122030.218000", "122030.218000", "122030.218000", "122030.218000", "122030.218000", "122030.234000", "122030.234000", "122030.234000", "122030.234000", "122030.234000", "122030.234000", "122030.250000", "122030.250000", "122030.250000", "122030.250000", "122030.250000", "122030.250000", "122030.250000", "122030.265000", "122030.265000", "122050.140000", "122050.140000", "122050.140000", "122050.156000", "122050.156000", "122050.156000", "122050.156000", "122050.156000", "122050.171000", "122050.171000", "122050.171000", "122050.171000", "122050.171000", "122050.171000", "122050.171000", "122050.187000", "122050.187000", "122050.187000", "122050.187000", "122050.187000", "122100.656000", "122100.656000", "122100.656000", "122100.656000", "122100.656000", "122100.671000", "122100.671000", "122100.671000", "122100.671000", "122100.671000"],
      "InstanceNumber": [1, 2, 3, 4, 5, 6, 7, 8, 9, 10, 11, 12, 13, 14, 15, 16, 17, 18, 19, 20, 21, 22, 23, 24, 25, 26, 27, 28, 29, 30, 31, 32, 33, 34, 35, 36, 37, 38, 39, 40, 41, 42, 43, 44, 45, 46, 47, 48, 49, 50, 51, 52, 53, 54, 55, 56, 57, 58, 59, 60, 61, 62, 63, 64, 65, 66],
      "LargestImagePixelValue": [2215, 2212, 2193, 2181, 2168, 2168, 2173, 2190, 2137, 2148, 2129, 2143, 2157, 2146, 2124, 2123, 2188, 2117, 2194, 2161, 2175, 2121, 2155, 2185, 2166, 2184, 2175, 2169, 2203, 2125, 2180, 2196, 2233, 2191, 2219, 2176, 2182, 2175, 2181, 2185, 2161, 2172, 2151, 2141, 2187, 2220, 2151, 2159, 2183, 2153, 2153, 2164, 2204, 2165, 2156, 2155, 2169, 2155, 2196, 2171, 2157, 2150, 2160, 2181, 2168, 2163],
      "WindowCenter": [434.0, 433.0, 432.0, 432.0, 432.0, 432.0, 431.0, 431.0, 430.0, 429.0, 430.0, 430.0, 430.0, 430.0, 430.0, 430.0, 431.0, 431.0, 431.0, 431.0, 432.0, 431.0, 432.0, 432.0, 431.0, 431.0, 432.0, 431.0, 431.0, 431.0, 432.0, 432.0, 432.0, 431.0, 432.0, 433.0, 434.0, 434.0, 435.0, 434.0, 432.0, 432.0, 431.0, 431.0, 431.0, 431.0, 431.0, 431.0, 431.0, 431.0, 431.0, 431.0, 431.0, 431.0, 431.0, 431.0, 431.0, 431.0, 432.0, 432.0, 432.0, 432.0, 432.0, 431.0, 432.0, 431.0],
      "WindowWidth": [943.0, 940.0, 938.0, 937.0, 936.0, 936.0, 934.0, 934.0, 933.0, 931.0, 932.0, 933.0, 933.0, 932.0, 933.0, 933.0, 935.0, 934.0, 934.0, 934.0, 936.0, 935.0, 936.0, 936.0, 934.0, 935.0, 936.0, 934.0, 935.0, 934.0, 936.0, 936.0, 935.0, 935.0, 936.0, 939.0, 939.0, 941.0, 942.0, 940.0, 938.0, 937.0, 935.0, 934.0, 935.0, 934.0, 934.0, 935.0, 935.0, 935.0, 934.0, 935.0, 934.0, 933.0, 934.0, 934.0, 934.0, 935.0, 937.0, 937.0, 937.0, 936.0, 936.0, 936.0, 936.0, 935.0]
    },
    "slices": {}
  }
}