{
  "AcquisitionMatrixPE": 104,
  "AcquisitionNumber": 1,
  "AcquisitionTime": "14:59:32.955000",
  "BandwidthPerPixelPhaseEncode": 43.054,
  "BaseResolution": 104,
  "CoilString": "C:E1_2",
  "ConversionSoftware": "dcm2niix",
  "ConversionSoftwareVersion": "v1.0.20191031",
  "DerivedVendorReportedEchoSpacing": 0.000669999,
  "DeviceSerialNumber": "18932",
  "DwellTime": 2.8e-06,
  "EchoTime": 0.02,
  "EffectiveEchoSpacing": 0.000223333,
  "FlipAngle": 30,
  "ImageComments": "Unaliased_MB2_PE2",
  "ImageOrientationPatientDICOM": [1, 0, 0, 0, 0.999816, -0.0191974],
  "ImageType": [
    "ORIGINAL",
    "PRIMARY",
    "M",
    "MB",
    "ND",
    "MOSAIC"
],
  "ImagingFrequency": 297.229,
  "InPlanePhaseEncodingDirectionDICOM": "COL",
  "InstitutionAddress": "Richmond_Street_North_1151_London_409EF2_Ontario_CA_N6A_5B7",
  "InstitutionName": "Robarts_Reserch_Institute",
  "InstitutionalDepartmentName": "Department",
  "MRAcquisitionType": "2D",
  "MagneticFieldStrength": 6.98,
  "Manufacturer": "Siemens",
  "ManufacturersModelName": "Investigational_Device_7T",
  "Modality": "MR",
  "MultibandAccelerationFactor": 2,
  "ParallelReductionFactorInPlane": 3,
  "PartialFourier": 0.875,
  "PatientPosition": "HFS",
  "PercentPhaseFOV": 100,
  "PhaseEncodingDirection": "j-",
  "PhaseEncodingSteps": 91,
  "PhaseResolution": 1,
  "PixelBandwidth": 1717,
  "ProcedureStepDescription": "Diedrichsen_SeqRep4",
  "ProtocolName": "mbep2d_bold_mb2_p3_AP_2iso",
  "PulseSequenceDetails": "%CustomerSeq%_cmrr_mbep2d_bold",
  "ReceiveCoilName": "CFMM_8Tx32Rx",
  "ReconMatrixPE": 104,
  "RefLinesPE": 36,
  "RepetitionTime": 1,
  "ScanOptions": "PFP_FS",
  "ScanningSequence": "EP",
  "SequenceName": "epfid2d1_104",
  "SequenceVariant": "SK_SS",
  "SeriesDescription": "mbep2d_bold_mb2_p3_AP_2iso",
  "SeriesNumber": 30,
  "ShimSetting": [24, 1989, 99, 1296, 204, 121, -70, -195],
  "SliceThickness": 2,
  "SliceTiming": [0, 0.2275, 0.455, 0.6825, 0.9125, 0.1375, 0.365, 0.5925, 0.82, 0.045, 0.2725, 0.5025, 0.73, 0.9575, 0.1825, 0.41, 0.6375, 0.865, 0.09, 0.32, 0.5475, 0.775, 0, 0.2275, 0.455, 0.6825, 0.9125, 0.1375, 0.365, 0.5925, 0.82, 0.045, 0.2725, 0.5025, 0.73, 0.9575, 0.1825, 0.41, 0.6375, 0.865, 0.09, 0.32, 0.5475, 0.775],
  "SoftwareVersions": "syngo_MR_B17",
  "SpacingBetweenSlices": 2,
  "StationName": "MASTER",
  "TaskName": "dsp",
  "TotalReadoutTime": 0.0230033,
  "TxRefAmp": 120,
  "dcmmeta_affine": [
    [-2.0, 0.0, 0.0, 105.4527816772461],
    [0.0, 1.999631404876709, -0.03839488327503204, -104.06344604492188],
    [0.0, 0.03839488327503204, 1.999631404876709, -13.038399696350098],
    [0.0, 0.0, 0.0, 1.0]
],
  "dcmmeta_reorient_transform": [
    [0.0, -1.0, 0.0, 103.0],
    [1.0, 0.0, 0.0, 0.0],
    [0.0, 0.0, 1.0, 0.0],
    [0.0, 0.0, 0.0, 1.0]
],
  "dcmmeta_shape": [104, 104, 44, 330],
  "dcmmeta_slice_dim": 2,
  "dcmmeta_version": 0.6,
  "global": {
    "const": {
      "AcquisitionMatrix": [104, 0, 0, 104],
      "AngioFlag": "N",
      "BitsAllocated": 16,
      "BitsStored": 12,
      "Columns": 728,
      "EchoNumbers": 1,
      "EchoTime": 20.0,
      "EchoTrainLength": 1,
      "FlipAngle": 30.0,
      "HighBit": 11,
      "ImageOrientationPatient": [1.0, 0.0, 0.0, 0.0, 0.99981571213624, -0.0191974416394],
      "ImagePositionPatient": [-729.45278453827, -725.78359141637, 2.8954772367172],
      "ImageType": [
        "ORIGINAL",
        "PRIMARY",
        "M",
        "MB",
        "ND",
        "MOSAIC"
],
      "ImagedNucleus": "1H",
      "ImagingFrequency": 297.228979,
      "InPlanePhaseEncodingDirection": "COL",
      "MRAcquisitionType": "2D",
      "MagneticFieldStrength": 6.98,
      "Manufacturer": "SIEMENS",
      "ManufacturerModelName": "Investigational_Device_7T",
      "Modality": "MR",
      "NumberOfAverages": 1.0,
      "NumberOfPhaseEncodingSteps": 91,
      "PercentPhaseFieldOfView": 100.0,
      "PercentSampling": 100.0,
      "PerformedProcedureStepStartTime": "135324.296000",
      "PhotometricInterpretation": "MONOCHROME2",
      "PixelBandwidth": 1717.0,
      "PixelRepresentation": 0,
      "PixelSpacing": [2.0, 2.0],
      "ProtocolName": "mbep2d_bold_mb2_p3_AP 2iso",
      "RepetitionTime": 1000.0,
      "Rows": 728,
      "SAR": 0.0,
      "SamplesPerPixel": 1,
      "ScanOptions": [
        "PFP",
        "FS"
],
      "ScanningSequence": "EP",
      "SequenceName": "epfid2d1_104",
      "SequenceVariant": [
        "SK",
        "SS"
],
      "SeriesDescription": "mbep2d_bold_mb2_p3_AP 2iso",
      "SeriesNumber": 30,
      "SeriesTime": "150010.171000",
      "SliceLocation": -11.038244503676,
      "SliceThickness": 2.0,
      "SmallestImagePixelValue": 0,
      "SoftwareVersions": "syngo MR B17",
      "SpacingBetweenSlices": 2.0000000361568,
      "SpecificCharacterSet": "ISO_IR 100",
      "StudyID": "1",
      "StudyTime": "135324.171000",
      "TransmitCoilName": "CFMM_8Tx32Rx",
      "VariableFlipAngleFlag": "N",
      "WindowCenterWidthExplanation": "Algo1",
      "dBdt": 0.0},
