{
  "AcquisitionMatrixPE": 84,
  "AcquisitionNumber": 1,
  "AcquisitionTime": "12:28:31.430000",
  "BaseResolution": 168,
  "CoilString": "C:E1_2",
  "ConversionSoftware": "dcm2niix",
  "ConversionSoftwareVersion": "v1.0.20191031",
  "DeviceSerialNumber": "18932",
  "DwellTime": 4.9e-06,
  "EchoNumber": 1,
  "EchoTime": 0.00408,
  "FlipAngle": 35,
  "ImageOrientationPatientDICOM": [
    1,
    -2.05103e-10,
    0,
    2.05103e-10,
    1,
    0
  ],
  "ImageType": [
    "ORIGINAL",
    "PRIMARY",
    "M",
    "ND"
  ],
  "ImagingFrequency": 297.229,
  "InPlanePhaseEncodingDirectionDICOM": "ROW",
  "InstitutionAddress": "Richmond_Street_North_1151_London_409EF2_Ontario_CA_N6A_5B7",
  "InstitutionName": "Robarts_Reserch_Institute",
  "InstitutionalDepartmentName": "Department",
  "MRAcquisitionType": "2D",
  "MagneticFieldStrength": 6.98,
  "Manufacturer": "Siemens",
  "ManufacturersModelName": "Investigational_Device_7T",
  "Modality": "MR",
  "PartialFourier": 0.75,
  "PatientPosition": "HFS",
  "PercentPhaseFOV": 100,
  "PhaseEncodingDirection": "i",
  "PhaseEncodingSteps": 63,
  "PhaseResolution": 0.5,
  "PixelBandwidth": 607,
  "ProcedureStepDescription": "Diedrichsen_SeqRep4",
  "ProtocolName": "gre_field_mapping",
  "PulseSequenceDetails": "%SiemensSeq%_gre_field_mapping",
  "ReceiveCoilName": "CFMM_8Tx32Rx",
  "ReconMatrixPE": 168,
  "RepetitionTime": 0.475,
  "ScanOptions": "PFP",
  "ScanningSequence": "GR",
  "SequenceName": "fm2d2r",
  "SequenceVariant": "SP",
  "SeriesDescription": "gre_field_mapping",
  "SeriesNumber": 37,
  "ShimSetting": [
    -43,
    1883,
    307,
    342,
    11,
    -164,
    -204,
    -86
  ],
  "SliceThickness": 2.5,
  "SliceTiming": [
    0.23438,
    0,
    0.24219,
    0.00781,
    0.25,
    0.01562,
    0.25781,
    0.01562,
    0.26562,
    0.02344,
    0.27344,
    0.03125,
    0.28125,
    0.03906,
    0.28906,
    0.04688,
    0.29688,
    0.05469,
    0.30469,
    0.0625,
    0.3125,
    0.07031,
    0.32031,
    0.07812,
    0.32812,
    0.08594,
    0.33594,
    0.09375,
    0.33594,
    0.10156,
    0.34375,
    0.10938,
    0.35156,
    0.11719,
    0.35938,
    0.125,
    0.36719,
    0.13281,
    0.375,
    0.14062,
    0.38281,
    0.14844,
    0.39062,
    0.14844,
    0.39844,
    0.15625,
    0.40625,
    0.16406,
    0.41406,
    0.17188,
    0.42188,
    0.17969,
    0.42969,
    0.1875,
    0.4375,
    0.19531,
    0.44531,
    0.20312,
    0.45312,
    0.21094,
    0.46094,
    0.21875,
    0.46094,
    0.22656
  ],
  "SoftwareVersions": "syngo_MR_B17",
  "SpacingBetweenSlices": 2.5,
  "StationName": "MASTER",
  "TxRefAmp": 124
}